GEM
  remote: http://rubygems.org/
  specs:
    backports (2.3.0)
    barista (1.2.1)
      coffee-script (~> 2.2)
    chunky_png (1.2.4)
    coffee-script (2.2.0)
      coffee-script-source
      execjs
    coffee-script-source (1.1.2)
    compass (0.11.5)
      chunky_png (~> 1.2)
      fssm (>= 0.2.7)
      sass (~> 3.1)
    execjs (1.2.6)
      multi_json (~> 1.0)
    fssm (0.2.7)
    haml (3.1.3)
    monkey-lib (0.5.4)
      backports
    multi_json (1.0.3)
    rack (1.3.3)
    sass (3.1.7)
    sinatra (1.2.6)
      rack (~> 1.1)
      tilt (< 2.0, >= 1.2.2)
    sinatra-advanced-routes (0.5.1)
      monkey-lib (~> 0.5.0)
      sinatra (~> 1.0)
      sinatra-sugar (~> 0.5.0)
    sinatra-reloader (0.5.0)
      sinatra (~> 1.0)
      sinatra-advanced-routes (~> 0.5.0)
    sinatra-sugar (0.5.1)
      monkey-lib (~> 0.5.0)
      sinatra (~> 1.0)
    tilt (1.3.3)

PLATFORMS
  ruby

DEPENDENCIES
  barista
  compass
  haml
  sass
  sinatra
  sinatra-reloader
